GEM
  remote: http://rubygems.org/
  specs:
    addressable (2.2.8)
    concur (0.1.2)
      em-http-request
      em-http-request
      eventmachine
      eventmachine
      faraday
      faraday
    cookiejar (0.3.0)
    em-http-request (1.0.2)
      addressable (>= 2.2.3)
      cookiejar
      em-socksify
      eventmachine (>= 1.0.0.beta.4)
      http_parser.rb (>= 0.5.3)
    em-socksify (0.2.0)
      eventmachine (>= 1.0.0.beta.4)
    eventmachine (1.0.0.beta.4)
    faraday (0.8.1)
      multipart-post (~> 1.1)
    http_parser.rb (0.5.3)
    iron_core (0.1.3)
      bundler (> 1.0.0)
      rest
      rest-client
    memcache (1.2.13)
    mime-types (1.18)
    multipart-post (1.1.5)
    rest (0.3.0)
      rest-client
      rest-client
    rest-client (1.6.7)
      mime-types (>= 1.16)
    test-unit (2.5.0)
    uber_config (0.0.3)

PLATFORMS
  ruby

DEPENDENCIES
  concur
  iron_core
  memcache
  test-unit
  uber_config
