PATH
  remote: .
  specs:
    iron_cache (0.0.4)
      iron_core

GEM
  remote: https://rubygems.org/
  specs:
    iron_core (0.1.3)
      bundler (> 1.0.0)
      rest
      rest-client
    memcache-client (1.8.5)
    mime-types (1.18)
    rake (0.9.2.2)
    rest (0.3.0)
      rest-client
      rest-client
    rest-client (1.6.7)
      mime-types (>= 1.16)
    test-unit (2.4.8)
    uber_config (0.0.1)

PLATFORMS
  ruby

DEPENDENCIES
  iron_cache!
  memcache-client
  rake
  test-unit
  uber_config
